GEM
  remote: https://rubygems.org/
  specs:
    eventmachine (1.0.8)
    faraday (0.9.2)
      multipart-post (>= 1.2, < 3)
    faraday_middleware (0.10.0)
      faraday (>= 0.7.4, < 0.10)
    mini_portile (0.6.2)
    multipart-post (2.0.0)
    nokogiri (1.6.6.4)
      mini_portile (~> 0.6.0)
    parse-ruby-client (0.3.0)
      faraday
      faraday_middleware

PLATFORMS
  ruby

DEPENDENCIES
  eventmachine
  nokogiri
  parse-ruby-client

BUNDLED WITH
   1.10.6
